GEM
  remote: http://rubygems.org/
  specs:
    RedCloth (4.2.7)
    chunky_png (0.12.0)
    classifier (1.3.3)
      fast-stemmer (>= 1.0.0)
    compass (0.11.beta.2)
      chunky_png (~> 0.12.0)
      sass (>= 3.1.0.alpha.218)
    configuration (1.2.0)
    directory_watcher (1.3.2)
    fast-stemmer (1.0.0)
    github (0.6.0)
      highline (~> 1.5.1)
      json (~> 1.4.6)
      launchy (~> 0.3.7)
      text-format (= 1.0.0)
    growl (1.0.3)
    highline (1.5.2)
    jekyll (0.10.0)
      classifier (>= 1.3.1)
      directory_watcher (>= 1.1.1)
      liquid (>= 1.9.0)
      maruku (>= 0.5.9)
    json (1.4.6)
    launchy (0.3.7)
      configuration (>= 0.0.5)
      rake (>= 0.8.1)
    liquid (2.2.2)
    maruku (0.6.0)
      syntax (>= 1.0.0)
    rack (1.2.1)
    rack-jekyll (0.3.5)
      jekyll
      rack
    rack-rewrite (1.0.2)
    rake (0.8.7)
    rb-appscript (0.6.0)
    sass (3.1.0.alpha.221)
    syntax (1.0.0)
    terminitor (0.4.1)
      github (~> 0.6.0)
      rb-appscript
      text-format (= 1.0.0)
      text-hyphen (= 1.0.0)
      thor (~> 0.14.0)
    text-format (1.0.0)
      text-hyphen (~> 1.0.0)
    text-hyphen (1.0.0)
    thor (0.14.6)

PLATFORMS
  ruby

DEPENDENCIES
  RedCloth
  compass
  growl
  jekyll
  rack-jekyll
  rack-rewrite (~> 1.0.0)
  terminitor
